GEM
  remote: http://rubygems.org/
  specs:
    builder (3.0.0)
    bunny (0.7.4)
    chef (0.10.2)
      bunny (>= 0.6.0)
      erubis
      highline
      json (>= 1.4.4, <= 1.5.2)
      mixlib-authentication (>= 1.1.0)
      mixlib-cli (>= 1.1.0)
      mixlib-config (>= 1.1.2)
      mixlib-log (>= 1.3.0)
      moneta
      net-ssh (~> 2.1.3)
      net-ssh-multi (~> 1.0.1)
      ohai (>= 0.6.0)
      rest-client (>= 1.0.4, < 1.7.0)
      treetop (~> 1.4.9)
      uuidtools
    erubis (2.7.0)
    excon (0.6.5)
    fog (0.10.0)
      builder
      excon (~> 0.6.5)
      formatador (~> 0.2.0)
      mime-types
      multi_json (~> 1.0.3)
      net-scp (~> 1.0.4)
      net-ssh (~> 2.1.4)
      nokogiri (~> 1.5.0)
      ruby-hmac
    formatador (0.2.0)
    highline (1.6.2)
    json (1.5.2)
    mime-types (1.16)
    mixlib-authentication (1.1.4)
      mixlib-log
    mixlib-cli (1.2.0)
    mixlib-config (1.1.2)
    mixlib-log (1.3.0)
    moneta (0.6.0)
    multi_json (1.0.3)
    net-scp (1.0.4)
      net-ssh (>= 1.99.1)
    net-ssh (2.1.4)
    net-ssh-gateway (1.1.0)
      net-ssh (>= 1.99.1)
    net-ssh-multi (1.0.1)
      net-ssh (>= 1.99.2)
      net-ssh-gateway (>= 0.99.0)
    nokogiri (1.5.0)
    ohai (0.6.4)
      mixlib-cli
      mixlib-config
      mixlib-log
      systemu
      yajl-ruby
    polyglot (0.3.2)
    rb-appscript (0.6.1)
    rest-client (1.6.3)
      mime-types (>= 1.16)
    ruby-hmac (0.4.0)
    systemu (2.2.0)
    treetop (1.4.10)
      polyglot
      polyglot (>= 0.3.1)
    uuidtools (2.1.2)
    yajl-ruby (0.8.2)

PLATFORMS
  ruby

DEPENDENCIES
  chef (>= 0.10.2)
  fog
  highline
  net-ssh
  net-ssh-multi
  rb-appscript
